GIT
  remote: https://github.com/savonrb/savon.git
  revision: 5acd24612d83cea2a2e06133e1173131d856976c
  ref: 5acd246
  specs:
    savon (2.1.0)
      akami (~> 1.2.0)
      builder (>= 2.1.2)
      gyoku (~> 1.0.0)
      httpi (~> 2.0.2)
      nokogiri (>= 1.4.0)
      nori (~> 2.0.3)
      wasabi (~> 3.0.0)

GEM
  remote: https://rubygems.org/
  specs:
    addressable (2.3.4)
    akami (1.2.0)
      gyoku (>= 0.4.0)
      nokogiri (>= 1.4.0)
    builder (3.2.0)
    crack (0.3.2)
    diff-lcs (1.2.4)
    gyoku (1.0.0)
      builder (>= 2.1.2)
    httpi (2.0.2)
      rack
    nokogiri (1.5.9)
    nori (2.0.4)
    rack (1.5.2)
    rspec (2.13.0)
      rspec-core (~> 2.13.0)
      rspec-expectations (~> 2.13.0)
      rspec-mocks (~> 2.13.0)
    rspec-core (2.13.1)
    rspec-expectations (2.13.0)
      diff-lcs (>= 1.1.3, < 2.0)
    rspec-mocks (2.13.1)
    vcr (2.4.0)
    wasabi (3.0.0)
      httpi (~> 2.0)
      nokogiri (>= 1.4.0)
    webmock (1.9.0)
      addressable (>= 2.2.7)
      crack (>= 0.1.7)

PLATFORMS
  ruby

DEPENDENCIES
  rspec (= 2.13.0)
  rspec-mocks (= 2.13.1)
  savon!
  vcr (= 2.4.0)
  webmock (= 1.9.0)
